GEM
  remote: https://rubygems.org/
  specs:
    colorize (0.8.1)
    concurrent-ruby (1.2.2)
    i18n (1.12.0)
      concurrent-ruby (~> 1.0)
    money (6.16.0)
      i18n (>= 0.6.4, <= 2)
    money-converter (1.0.1)

PLATFORMS
  x86_64-linux

DEPENDENCIES
  colorize (~> 0.8.1)
  money (~> 6.16)
  money-converter (~> 1.0.1)

RUBY VERSION
   ruby 3.1.3p185

BUNDLED WITH
   2.3.26
